GEM
  remote: https://rubygems.org/
  specs:
    foreman (0.85.0)
      thor (~> 0.19.1)
    subcontractor (0.9.0)
    thor (0.19.4)

PLATFORMS
  ruby

DEPENDENCIES
  foreman
  subcontractor

RUBY VERSION
   ruby 2.5.1p57

BUNDLED WITH
   2.0.1
