GEM
  remote: https://rubygems.org/
  specs:
    dotenv (2.6.0)
    subcontractor (0.9.0)

PLATFORMS
  ruby

DEPENDENCIES
  dotenv
  subcontractor

RUBY VERSION
   ruby 2.5.1p57

BUNDLED WITH
   2.0.1
